GEM
  remote: https://rubygems.org/
  specs:
    exifr (1.3.5)

PLATFORMS
  ruby

DEPENDENCIES
  exifr (~> 1)

BUNDLED WITH
   1.16.6
